GEM
  remote: https://rubygems.org/
  specs:
    typesafe_enum (0.3.1)

PLATFORMS
  arm64-darwin-21

DEPENDENCIES
  typesafe_enum

BUNDLED WITH
   2.2.24
